GEM
  remote: https://rubygems.org/
  specs:
    colorize (0.8.1)
    diff-lcs (1.5.0)
    rspec-core (3.12.2)
      rspec-support (~> 3.12.0)
    rspec-expectations (3.12.3)
      diff-lcs (>= 1.2.0, < 2.0)
      rspec-support (~> 3.12.0)
    rspec-mocks (3.12.5)
      diff-lcs (>= 1.2.0, < 2.0)
      rspec-support (~> 3.12.0)
    rspec-support (3.12.1)
    tty-cursor (0.7.1)

PLATFORMS
  x86_64-linux

DEPENDENCIES
  colorize
  rspec-core (~> 3.12.2)
  rspec-expectations (~> 3.12.3)
  rspec-mocks
  tty-cursor

RUBY VERSION
   ruby 3.1.2p20

BUNDLED WITH
   2.3.7
