GEM
  remote: https://rubygems.org/
  specs:
    byebug (11.1.3)
    coderay (1.1.3)
    colorize (0.8.1)
    diff-lcs (1.5.0)
    method_source (1.0.0)
    pry (0.14.2)
      coderay (~> 1.1)
      method_source (~> 1.0)
    pry-byebug (3.10.1)
      byebug (~> 11.0)
      pry (>= 0.13, < 0.15)
    rspec-core (3.12.2)
      rspec-support (~> 3.12.0)
    rspec-expectations (3.12.3)
      diff-lcs (>= 1.2.0, < 2.0)
      rspec-support (~> 3.12.0)
    rspec-mocks (3.12.5)
      diff-lcs (>= 1.2.0, < 2.0)
      rspec-support (~> 3.12.0)
    rspec-support (3.12.1)
    tty-cursor (0.7.1)

PLATFORMS
  x86_64-linux

DEPENDENCIES
  colorize
  pry-byebug
  rspec-core (~> 3.12.2)
  rspec-expectations (~> 3.12.3)
  rspec-mocks
  tty-cursor

RUBY VERSION
   ruby 3.1.2p20

BUNDLED WITH
   2.3.7
