GEM
  remote: https://rubygems.org/
  specs:
    colorize (0.8.1)
    diff-lcs (1.5.0)
    docile (1.4.0)
    rspec-core (3.12.2)
      rspec-support (~> 3.12.0)
    rspec-expectations (3.12.3)
      diff-lcs (>= 1.2.0, < 2.0)
      rspec-support (~> 3.12.0)
    rspec-mocks (3.12.5)
      diff-lcs (>= 1.2.0, < 2.0)
      rspec-support (~> 3.12.0)
    rspec-support (3.12.1)
    simplecov (0.22.0)
      docile (~> 1.1)
      simplecov-html (~> 0.11)
      simplecov_json_formatter (~> 0.1)
    simplecov-html (0.12.3)
    simplecov_json_formatter (0.1.4)
    tty-cursor (0.7.1)

PLATFORMS
  x86_64-linux

DEPENDENCIES
  colorize
  rspec-core (~> 3.12.2)
  rspec-expectations (~> 3.12.3)
  rspec-mocks
  simplecov (~> 0.22.0)
  tty-cursor

RUBY VERSION
   ruby 3.1.2p20

BUNDLED WITH
   2.3.7
